PATH
  remote: .
  specs:
    btcruby (1.6)
      ffi (~> 1.9, >= 1.9.3)

GEM
  remote: https://rubygems.org/
  specs:
    ffi (1.9.18)
    rake (10.3.2)

PLATFORMS
  ruby

DEPENDENCIES
  btcruby!
  rake

BUNDLED WITH
   1.10.3
